{
    "TaskName": "covert",
    "TaskDescription": "Speech decoding task (covert). Participants produced one of 5 color words (green, magenta, orange, violet, yellow) in covert speech condition. Each trial consists of 5 repetitions of the same word (1.25 sec per repetition, 6.25 sec total). Session type: calibration.",
    "InstitutionName": "Araya Inc.",
    "Manufacturer": "g.tec medical engineering GmbH",
    "ManufacturersModelName": "Pangolin",
    "SamplingFrequency": 256,
    "EEGChannelCount": 128,
    "EOGChannelCount": 2,
    "EMGChannelCount": 4,
    "MiscChannelCount": 4,
    "TriggerChannelCount": 1,
    "EEGReference": "n/a (raw, pre-reference)",
    "EEGGround": "left mastoid",
    "PowerLineFrequency": 50,
    "SoftwareFilters": "n/a",
    "RecordingType": "continuous"
}